GEM
  remote: https://rubygems.org/
  specs:
    axlsx (2.1.0.pre)
      htmlentities (~> 4.3.1)
      nokogiri (>= 1.4.1)
      rubyzip (~> 1.1.7)
    htmlentities (4.3.4)
    mini_portile2 (2.3.0)
    nokogiri (1.8.2)
      mini_portile2 (~> 2.3.0)
    rubyzip (1.1.7)

PLATFORMS
  ruby

DEPENDENCIES
  axlsx (~> 2.1.0.pre)

BUNDLED WITH
   1.15.4
